GIT
  remote: git://github.com/andi/simple-navigation.git
  revision: 04315d6dd5a1bde7d02e4c49d89a90a283c67a31
  specs:
    simple-navigation (3.10.1)
      activesupport (>= 2.3.2)

GIT
  remote: git://github.com/bmabey/database_cleaner.git
  revision: 5dc784af6661fd9067953458fbac1b2e0334f0db
  specs:
    database_cleaner (1.0.1)

GIT
  remote: git://github.com/indirect/haml-rails.git
  revision: 6b7a5dead27957aff853b6c82b81fc13543c1aeb
  specs:
    haml-rails (0.4)
      actionpack (>= 3.1, < 4.1)
      activesupport (>= 3.1, < 4.1)
      haml (>= 3.1, < 4.1)
      railties (>= 3.1, < 4.1)

GIT
  remote: git://github.com/intridea/hashie.git
  revision: 3321005d0bd77e0811a2cea6dbbd302d8e86851f
  specs:
    hashie (2.0.5)

GIT
  remote: git://github.com/jnicklas/capybara.git
  revision: 4842732e6dc406be87374a33aac537703e3949ab
  specs:
    capybara (2.1.0)
      mime-types (>= 1.16)
      nokogiri (>= 1.3.3)
      rack (>= 1.0.0)
      rack-test (>= 0.5.4)
      xpath (~> 2.0)

GIT
  remote: git://github.com/jonleighton/poltergeist.git
  revision: 7dee7758a03d4636c2a74b04a8b7bf8495319217
  specs:
    poltergeist (1.3.0)
      capybara (~> 2.1.0)
      faye-websocket (>= 0.4.4, < 0.5.0)
      http_parser.rb (~> 0.5.3)

GIT
  remote: git://github.com/plataformatec/simple_form.git
  revision: d75963307f3a9aa7884cff8d5ad228f65e94d343
  branch: master
  specs:
    simple_form (3.0.0.rc)
      actionpack (>= 4.0.0.rc1, < 4.1)
      activemodel (>= 4.0.0.rc1, < 4.1)

GIT
  remote: git://github.com/pokonski/public_activity.git
  revision: c95657d74cde8c6f565511423da363e983c2dc0f
  specs:
    public_activity (1.4.0)
      actionpack (>= 3.0.0)
      activerecord (>= 3.0)
      i18n (>= 0.5.0)
      railties (>= 3.0.0)

GIT
  remote: git://github.com/rails/activerecord-deprecated_finders.git
  revision: 55ce812cbce7d482eb66bff5ca17b8816314f0b2
  specs:
    activerecord-deprecated_finders (1.0.2)

GIT
  remote: git://github.com/rails/arel.git
  revision: a1b72178714fbf0033fe076b7e51f57eff152bdd
  specs:
    arel (4.0.0.20130418133826)

GIT
  remote: git://github.com/rails/coffee-rails.git
  revision: cbc4a6f571e87f68d272b9a377db3fb3307464ab
  specs:
    coffee-rails (4.0.0)
      coffee-script (>= 2.2.0)
      railties (>= 4.0.0.beta, < 5.0)

GIT
  remote: git://github.com/rails/jquery-rails.git
  revision: 08a6fa0fa3d377163c978ecd4460e4743207e463
  specs:
    jquery-rails (3.0.0)
      railties (>= 3.0, < 5.0)
      thor (>= 0.14, < 2.0)

GIT
  remote: git://github.com/rails/rails.git
  revision: 59caeb6c606cb78b92a24def2bea515c85b2421e
  specs:
    actionmailer (4.1.0.beta)
      actionpack (= 4.1.0.beta)
      mail (~> 2.5.4)
    actionpack (4.1.0.beta)
      activesupport (= 4.1.0.beta)
      builder (~> 3.1.0)
      erubis (~> 2.7.0)
      rack (~> 1.5.2)
      rack-test (~> 0.6.2)
    activemodel (4.1.0.beta)
      activesupport (= 4.1.0.beta)
      builder (~> 3.1.0)
    activerecord (4.1.0.beta)
      activemodel (= 4.1.0.beta)
      activerecord-deprecated_finders (~> 1.0.2)
      activesupport (= 4.1.0.beta)
      arel (~> 4.0.0)
    activesupport (4.1.0.beta)
      i18n (~> 0.6, >= 0.6.4)
      json (~> 1.7)
      minitest (~> 5.0)
      thread_safe (~> 0.1)
      tzinfo (~> 0.3.37)
    rails (4.1.0.beta)
      actionmailer (= 4.1.0.beta)
      actionpack (= 4.1.0.beta)
      activerecord (= 4.1.0.beta)
      activesupport (= 4.1.0.beta)
      bundler (>= 1.3.0, < 2.0)
      railties (= 4.1.0.beta)
      sprockets-rails (~> 2.0.0.rc4)
    railties (4.1.0.beta)
      actionpack (= 4.1.0.beta)
      activesupport (= 4.1.0.beta)
      rake (>= 0.8.7)
      thor (>= 0.18.1, < 2.0)

GIT
  remote: git://github.com/rails/sass-rails.git
  revision: 33799418f104c961b1ce41452e77cf1e04930755
  specs:
    sass-rails (4.0.0.rc1)
      railties (>= 4.0.0.beta, < 5.0)
      sass (>= 3.1.10)
      sprockets-rails (~> 2.0.0.rc4)

GIT
  remote: git://github.com/rails/sprockets-rails.git
  revision: 6e342e7c0c5ecc5f8869602cb957377014e42547
  specs:
    sprockets-rails (2.0.0.rc4)
      actionpack (>= 3.0)
      activesupport (>= 3.0)
      sprockets (~> 2.8)

GIT
  remote: git://github.com/rspec/rspec-rails.git
  revision: b192e53a1fd28fa8654fe321f628268a46e47c60
  specs:
    rspec-rails (2.14.0.rc1)
      actionpack (>= 3.0)
      activesupport (>= 3.0)
      railties (>= 3.0)
      rspec-core (= 2.14.0.rc1)
      rspec-expectations (= 2.14.0.rc1)
      rspec-mocks (= 2.14.0.rc1)

GEM
  remote: https://rubygems.org/
  specs:
    addressable (2.3.4)
    atomic (1.1.9)
    bcrypt-ruby (3.0.1)
    better_errors (0.9.0)
      coderay (>= 1.0.0)
      erubis (>= 2.6.6)
    binding_of_caller (0.7.1)
      debug_inspector (>= 0.0.1)
    bootstrap-sass (2.3.1.3)
      sass (~> 3.2)
    builder (3.1.4)
    callsite (0.0.11)
    capistrano (2.15.4)
      highline
      net-scp (>= 1.0.0)
      net-sftp (>= 2.0.0)
      net-ssh (>= 2.0.14)
      net-ssh-gateway (>= 1.1.0)
    celluloid (0.14.1)
      timers (>= 1.0.0)
    chartkick (1.2.4)
    coderay (1.0.9)
    coffee-script (2.2.0)
      coffee-script-source
      execjs
    coffee-script-source (1.6.2)
    connection_pool (1.0.0)
    daemons (1.1.9)
    debug_inspector (0.0.2)
    devise (1.5.4)
      bcrypt-ruby (~> 3.0)
      orm_adapter (~> 0.0.3)
      warden (~> 1.1)
    diff-lcs (1.2.4)
    dotenv (0.7.0)
    erubis (2.7.0)
    eventmachine (1.0.3)
    execjs (1.4.0)
      multi_json (~> 1.0)
    factory_girl (4.1.0)
      activesupport (>= 3.0.0)
    factory_girl_rails (4.1.0)
      factory_girl (~> 4.1.0)
      railties (>= 3.0.0)
    faraday (0.8.7)
      multipart-post (~> 1.1)
    faye-websocket (0.4.7)
      eventmachine (>= 0.12.0)
    ffi (1.8.1)
    font-awesome-rails (3.1.1.2)
      railties (>= 3.2, < 5.0)
    foreman (0.63.0)
      dotenv (>= 0.7)
      thor (>= 0.13.6)
    forgery (0.5.0)
    formatador (0.2.4)
    github_api (0.10.1)
      addressable
      faraday (~> 0.8.1)
      hashie (>= 1.2)
      multi_json (~> 1.4)
      nokogiri (~> 1.5.2)
      oauth2
    groupdate (2.1.0)
      activerecord (>= 3.0.0)
    guard (1.8.0)
      formatador (>= 0.2.4)
      listen (>= 1.0.0)
      lumberjack (>= 1.0.2)
      pry (>= 0.9.10)
      thor (>= 0.14.6)
    guard-bundler (1.0.0)
      bundler (~> 1.0)
      guard (~> 1.1)
    guard-rspec (1.2.1)
      guard (>= 1.1)
    haml (4.0.3)
      tilt
    highline (1.6.19)
    hike (1.2.2)
    http_parser.rb (0.5.3)
    httpauth (0.2.0)
    i18n (0.6.4)
    jbuilder (1.0.2)
      activesupport (>= 3.0.0)
    jquery-ui-rails (4.0.3)
      jquery-rails
      railties (>= 3.1.0)
    json (1.7.7)
    jwt (0.1.8)
      multi_json (>= 1.5)
    listen (1.1.5)
      rb-fsevent (>= 0.9.3)
      rb-inotify (>= 0.9)
      rb-kqueue (>= 0.2)
    lumberjack (1.0.3)
    mail (2.5.4)
      mime-types (~> 1.16)
      treetop (~> 1.4.8)
    meta_request (0.2.6)
      callsite
      rack-contrib
      railties
    method_source (0.8.1)
    mime-types (1.23)
    minitest (5.0.3)
    multi_json (1.7.5)
    multi_xml (0.5.3)
    multipart-post (1.2.0)
    mysql2 (0.3.11)
    net-scp (1.1.1)
      net-ssh (>= 2.6.5)
    net-sftp (2.1.2)
      net-ssh (>= 2.6.5)
    net-ssh (2.6.7)
    net-ssh-gateway (1.2.0)
      net-ssh (>= 2.6.5)
    nokogiri (1.5.9)
    oauth2 (0.9.1)
      faraday (~> 0.8)
      httpauth (~> 0.1)
      jwt (~> 0.1.4)
      multi_json (~> 1.0)
      multi_xml (~> 0.5)
      rack (~> 1.2)
    orm_adapter (0.0.7)
    polyglot (0.3.3)
    pry (0.9.12.2)
      coderay (~> 1.0.5)
      method_source (~> 0.8)
      slop (~> 3.4)
    rack (1.5.2)
    rack-contrib (1.1.0)
      rack (>= 0.9.1)
    rack-test (0.6.2)
      rack (>= 1.0)
    rake (10.1.0)
    rb-fsevent (0.9.3)
    rb-inotify (0.9.0)
      ffi (>= 0.5.0)
    rb-kqueue (0.2.0)
      ffi (>= 0.5.0)
    redis (3.0.4)
    redis-namespace (1.3.0)
      redis (~> 3.0.0)
    rspec (2.2.0)
      rspec-core (~> 2.2)
      rspec-expectations (~> 2.2)
      rspec-mocks (~> 2.2)
    rspec-core (2.14.0.rc1)
    rspec-expectations (2.14.0.rc1)
      diff-lcs (>= 1.1.3, < 2.0)
    rspec-mocks (2.14.0.rc1)
    rspec-sidekiq (0.4.0)
      rspec (~> 2.0)
      sidekiq (>= 2.4.0)
    sass (3.2.9)
    scoped_choices (0.0.4)
      hashie (>= 0.4.0)
    sidekiq (2.12.1)
      celluloid (>= 0.14.1)
      connection_pool (>= 1.0.0)
      json
      redis (>= 3.0)
      redis-namespace
    simple-navigation-bootstrap (0.0.4)
      simple-navigation (>= 3.7.0)
    simplecov (0.7.1)
      multi_json (~> 1.0)
      simplecov-html (~> 0.7.1)
    simplecov-html (0.7.1)
    slop (3.4.5)
    sprockets (2.10.0)
      hike (~> 1.2)
      multi_json (~> 1.0)
      rack (~> 1.0)
      tilt (~> 1.1, != 1.3.0)
    thin (1.5.1)
      daemons (>= 1.0.9)
      eventmachine (>= 0.12.6)
      rack (>= 1.0.0)
    thor (0.18.1)
    thread_safe (0.1.0)
      atomic
    tilt (1.4.1)
    timecop (0.6.1)
    timers (1.1.0)
    treetop (1.4.12)
      polyglot
      polyglot (>= 0.3.1)
    tzinfo (0.3.37)
    uglifier (2.1.1)
      execjs (>= 0.3.0)
      multi_json (~> 1.0, >= 1.0.2)
    warden (1.2.1)
      rack (>= 1.0)
    will_paginate (3.0.5)
    xpath (2.0.0)
      nokogiri (~> 1.3)

PLATFORMS
  ruby

DEPENDENCIES
  activerecord-deprecated_finders!
  arel!
  better_errors
  binding_of_caller
  bootstrap-sass
  capistrano
  capybara!
  chartkick
  coffee-rails!
  connection_pool
  database_cleaner!
  devise
  factory_girl_rails (= 4.1.0)
  font-awesome-rails
  foreman
  forgery (= 0.5.0)
  github_api
  groupdate
  guard
  guard-bundler
  guard-rspec
  haml-rails!
  hashie!
  jbuilder (~> 1.0.1)
  jquery-rails!
  jquery-ui-rails
  json (~> 1.7.7)
  meta_request
  mysql2 (= 0.3.11)
  net-ssh
  poltergeist!
  public_activity!
  rails!
  rb-fsevent
  rspec-rails!
  rspec-sidekiq
  sass-rails!
  scoped_choices
  sidekiq
  simple-navigation!
  simple-navigation-bootstrap
  simple_form!
  simplecov
  sprockets-rails!
  thin
  timecop
  uglifier (>= 1.0.3)
  will_paginate (~> 3.0)
